GEM
  remote: https://rubygems.org/
  specs:
    addressable (2.7.0)
      public_suffix (>= 2.0.2, < 5.0)
    claide (1.0.3)
    claide-plugins (0.9.2)
      cork
      nap
      open4 (~> 1.3)
    colored (1.2)
    colored2 (3.1.2)
    commander (4.5.2)
      highline (~> 2.0.0)
    cork (0.3.0)
      colored2 (~> 3.1)
    credentials_manager (0.16.4)
      colored
      commander (>= 4.3.5)
      highline (>= 1.7.1)
      security
    danger (6.3.2)
      claide (~> 1.0)
      claide-plugins (>= 0.9.2)
      colored2 (~> 3.1)
      cork (~> 0.1)
      faraday (~> 0.9)
      faraday-http-cache (~> 2.0)
      git (~> 1.6)
      kramdown (~> 2.0)
      kramdown-parser-gfm (~> 1.0)
      no_proxy_fix
      octokit (~> 4.7)
      terminal-table (~> 1)
    danger-auto_label (1.3.1)
      danger-plugin-api (~> 1.0)
    danger-duplicate_localizable_strings (0.0.4)
      danger (~> 6.0)
    danger-jazzy (1.1.0)
      danger-plugin-api (~> 1.0)
      json (~> 2.1.0)
    danger-missed_localizable_strings (1.0.5)
      danger-plugin-api (~> 1.0)
    danger-plugin-api (1.0.0)
      danger (> 2.0)
    danger-prose (2.0.7)
      danger
    danger-swiftlint (0.24.2)
      danger
      rake (> 10)
      thor (~> 0.19)
    danger-todoist (2.0.1)
      danger-plugin-api (~> 1.0)
    danger-xcov (0.2.2)
      danger (>= 2.1)
      xcov (>= 0.9)
    excon (0.73.0)
    faraday (0.17.3)
      multipart-post (>= 1.2, < 3)
    faraday-http-cache (2.0.0)
      faraday (~> 0.8)
    fastlane_core (0.59.0)
      colored
      commander (>= 4.4.0, <= 5.0.0)
      credentials_manager (>= 0.16.2, < 1.0.0)
      excon (>= 0.45.0, < 1.0)
      gh_inspector (>= 1.0.1, < 2.0.0)
      highline (>= 1.7.2)
      json
      multi_json
      plist (>= 3.1.0, < 4.0.0)
      rubyzip (~> 1.1.6)
      terminal-table (>= 1.4.5, < 2.0.0)
    gh_inspector (1.1.3)
    git (1.6.0)
      rchardet (~> 1.8)
    highline (2.0.3)
    json (2.1.0)
    kramdown (2.1.0)
    kramdown-parser-gfm (1.1.0)
      kramdown (~> 2.0)
    multi_json (1.14.1)
    multipart-post (2.1.1)
    nap (1.1.0)
    no_proxy_fix (0.1.2)
    octokit (4.18.0)
      faraday (>= 0.9)
      sawyer (~> 0.8.0, >= 0.5.3)
    open4 (1.3.4)
    plist (3.5.0)
    public_suffix (4.0.4)
    rake (13.0.1)
    rchardet (1.8.0)
    rubyzip (1.1.7)
    sawyer (0.8.2)
      addressable (>= 2.3.5)
      faraday (> 0.8, < 2.0)
    security (0.1.3)
    slack-notifier (1.5.1)
    terminal-table (1.8.0)
      unicode-display_width (~> 1.1, >= 1.1.1)
    thor (0.20.3)
    unicode-display_width (1.7.0)
    xcov (0.12.3)
      fastlane_core (>= 0.7, < 1.0.0)
      slack-notifier (~> 1.3)
      terminal-table

PLATFORMS
  ruby

DEPENDENCIES
  danger
  danger-auto_label
  danger-duplicate_localizable_strings
  danger-jazzy
  danger-missed_localizable_strings
  danger-prose
  danger-swiftlint
  danger-todoist
  danger-xcov

BUNDLED WITH
   2.1.4
